PATH
  remote: .
  specs:
    gplan (0.1.7)
      haml (~> 4.0)
      httparty (~> 0.13)

GEM
  remote: https://rubygems.org/
  specs:
    addressable (2.3.8)
    crack (0.4.2)
      safe_yaml (~> 1.0.0)
    haml (4.0.6)
      tilt
    httparty (0.13.3)
      json (~> 1.8)
      multi_xml (>= 0.5.2)
    json (1.8.1)
    minitest (5.6.1)
    multi_xml (0.5.5)
    rake (10.4.2)
    safe_yaml (1.0.4)
    tilt (2.0.1)
    vcr (2.9.3)
    webmock (1.21.0)
      addressable (>= 2.3.6)
      crack (>= 0.3.2)

PLATFORMS
  ruby

DEPENDENCIES
  gplan!
  minitest (~> 5.6.1)
  rake (~> 10.4)
  vcr (~> 2.9.3)
  webmock (~> 1.21.0)
